GEM
  remote: https://rubygems.org/
  specs:
    activemodel (3.2.12)
      activesupport (= 3.2.12)
      builder (~> 3.0.0)
    activesupport (3.2.12)
      i18n (~> 0.6)
      multi_json (~> 1.0)
    builder (3.0.4)
    i18n (0.6.1)
    minitest (5.0.3)
    multi_json (1.6.1)

PLATFORMS
  ruby

DEPENDENCIES
  activemodel (>= 3.0.0)
  minitest
